FRAMEWORK: NET452
NUGET
  remote: https://www.nuget.org/api/v2
    Argu (3.7)
    FSharp.Core (4.1.0.2) - redirects: force
      System.ValueTuple (>= 4.3)
    Newtonsoft.Json (9.0.1) - redirects: force
    System.ValueTuple (4.3) - redirects: force

GROUP Build
FRAMEWORK: NET452
NUGET
  remote: https://www.nuget.org/api/v2
    FAKE (4.55)
    ILRepack (2.0.12)
    Octokit (0.24)
GITHUB
  remote: fsharp/FAKE
    modules/Octokit/Octokit.fsx (d67516367361a02ae7836744e8396040ed5e4b22)
      Octokit (>= 0.20)
GROUP Test
FRAMEWORK: NET452
NUGET
  remote: https://www.nuget.org/api/v2
    FSharp.Core (4.1.0.2)
      System.ValueTuple (>= 4.3)
    FsUnit.xUnit (1.4.1)
      FSharp.Core (>= 3.1.2.5)
      xunit (2.1)
    System.ValueTuple (4.3)
    xunit (2.1)
      xunit.assert (2.1)
      xunit.core (2.1)
    xunit.abstractions (2.0)
    xunit.assert (2.1)
    xunit.core (2.1)
      xunit.extensibility.core (2.1)
      xunit.extensibility.execution (2.1)
    xunit.extensibility.core (2.1)
      xunit.abstractions (2.0)
    xunit.extensibility.execution (2.1)
      xunit.extensibility.core (2.1)
    xunit.runner.console (2.2)
    xunit.runner.visualstudio (2.2.0) - version_in_path: true
